GIT
  remote: https://github.com/pakyow/pakyow.git
  revision: 182bdc83782af5a1922f092728f813fcde660ac7
  specs:
    pakyow (0.10.2)
      bundler (~> 1.10)
      pakyow-core (= 0.10.2)
      pakyow-mailer (= 0.10.2)
      pakyow-presenter (= 0.10.2)
      pakyow-rake (= 0.10.2)
      pakyow-realtime (= 0.10.2)
      pakyow-support (= 0.10.2)
      pakyow-test (= 0.10.2)
      pakyow-ui (= 0.10.2)
    pakyow-core (0.10.2)
      pakyow-support (= 0.10.2)
      rack (~> 1.6)
    pakyow-mailer (0.10.2)
      mail (~> 2.6)
      pakyow-core (= 0.10.2)
      pakyow-presenter (= 0.10.2)
      pakyow-support (= 0.10.2)
      premailer (~> 1.8)
    pakyow-presenter (0.10.2)
      nokogiri (~> 1.6)
      pakyow-core (= 0.10.2)
      pakyow-support (= 0.10.2)
    pakyow-rake (0.10.2)
      pakyow-core (= 0.10.2)
      pakyow-presenter (= 0.10.2)
      pakyow-support (= 0.10.2)
      rake (~> 10.4)
    pakyow-realtime (0.10.2)
      concurrent-ruby (~> 0)
      pakyow-core (= 0.10.2)
      pakyow-support (= 0.10.2)
      redis (~> 3.2)
      websocket_parser (~> 1.0)
    pakyow-support (0.10.2)
    pakyow-test (0.10.2)
      pakyow-core (= 0.10.2)
      pakyow-mailer (= 0.10.2)
      pakyow-presenter (= 0.10.2)
      pakyow-support (= 0.10.2)
    pakyow-ui (0.10.2)
      pakyow-core (= 0.10.2)
      pakyow-presenter (= 0.10.2)
      pakyow-realtime (= 0.10.2)
      pakyow-support (= 0.10.2)

GEM
  remote: https://rubygems.org/
  specs:
    addressable (2.3.8)
    aws-sdk (2.1.33)
      aws-sdk-resources (= 2.1.33)
    aws-sdk-core (2.1.33)
      jmespath (~> 1.0)
    aws-sdk-resources (2.1.33)
      aws-sdk-core (= 2.1.33)
    bcrypt (3.1.10)
    concurrent-ruby (0.9.1)
    css_parser (1.3.7)
      addressable
    daemons (1.2.3)
    dotenv (2.0.2)
    eventmachine (1.0.8)
    excon (0.45.4)
    htmlentities (4.3.4)
    httparty (0.13.7)
      json (~> 1.8)
      multi_xml (>= 0.5.2)
    jmespath (1.1.3)
    json (1.8.3)
    mail (2.6.3)
      mime-types (>= 1.16, < 3)
    mandrill-api (1.0.53)
      excon (>= 0.16.0, < 1.0)
      json (>= 1.7.7, < 2.0)
    mime-types (2.6.2)
    mini_magick (4.3.6)
    mini_portile (0.6.2)
    multi_xml (0.5.5)
    nokogiri (1.6.6.2)
      mini_portile (~> 0.6.0)
    pg (0.18.3)
    premailer (1.8.6)
      css_parser (>= 1.3.6)
      htmlentities (>= 4.0.0)
    puma (2.14.0)
    rack (1.6.4)
    rake (10.4.2)
    redis (3.2.1)
    sequel (4.27.0)
    thin (1.6.4)
      daemons (~> 1.0, >= 1.0.9)
      eventmachine (~> 1.0, >= 1.0.4)
      rack (~> 1.0)
    websocket_parser (1.0.0)

PLATFORMS
  ruby

DEPENDENCIES
  aws-sdk (~> 2)
  bcrypt
  dotenv
  httparty
  mandrill-api
  mini_magick
  pakyow!
  pg
  puma
  rake
  sequel
  thin

BUNDLED WITH
   1.10.6
