GIT
  remote: git://github.com/pakyow/pakyow.git
  revision: 21701c08fdd249971816772ff0433e14e8735d3c
  specs:
    pakyow (1.0.0.pre.alpha)
      bundler (~> 1.10)
      pakyow-core (= 1.0.0.pre.alpha)
      pakyow-mailer (= 1.0.0.pre.alpha)
      pakyow-presenter (= 1.0.0.pre.alpha)
      pakyow-rake (= 1.0.0.pre.alpha)
      pakyow-realtime (= 1.0.0.pre.alpha)
      pakyow-support (= 1.0.0.pre.alpha)
      pakyow-test (= 1.0.0.pre.alpha)
      pakyow-ui (= 1.0.0.pre.alpha)
      thor (~> 0.19)
    pakyow-core (1.0.0.pre.alpha)
      pakyow-support (= 1.0.0.pre.alpha)
      rack (~> 1.6)
    pakyow-mailer (1.0.0.pre.alpha)
      mail (~> 2.6)
      pakyow-core (= 1.0.0.pre.alpha)
      pakyow-presenter (= 1.0.0.pre.alpha)
      pakyow-support (= 1.0.0.pre.alpha)
      premailer (~> 1.8)
    pakyow-presenter (1.0.0.pre.alpha)
      oga (~> 2.0)
      pakyow-core (= 1.0.0.pre.alpha)
      pakyow-support (= 1.0.0.pre.alpha)
    pakyow-rake (1.0.0.pre.alpha)
      pakyow-core (= 1.0.0.pre.alpha)
      pakyow-presenter (= 1.0.0.pre.alpha)
      pakyow-support (= 1.0.0.pre.alpha)
      rake (~> 11.1)
    pakyow-realtime (1.0.0.pre.alpha)
      concurrent-ruby (~> 1.0)
      pakyow-core (= 1.0.0.pre.alpha)
      pakyow-support (= 1.0.0.pre.alpha)
      redis (~> 3.2)
      websocket (~> 1.2)
    pakyow-support (1.0.0.pre.alpha)
    pakyow-test (1.0.0.pre.alpha)
      pakyow-core (= 1.0.0.pre.alpha)
      pakyow-mailer (= 1.0.0.pre.alpha)
      pakyow-presenter (= 1.0.0.pre.alpha)
      pakyow-support (= 1.0.0.pre.alpha)
    pakyow-ui (1.0.0.pre.alpha)
      pakyow-core (= 1.0.0.pre.alpha)
      pakyow-presenter (= 1.0.0.pre.alpha)
      pakyow-realtime (= 1.0.0.pre.alpha)
      pakyow-support (= 1.0.0.pre.alpha)

GEM
  remote: https://rubygems.org/
  specs:
    addressable (2.4.0)
    ansi (1.5.0)
    ast (2.3.0)
    aws-sdk (2.3.21)
      aws-sdk-resources (= 2.3.21)
    aws-sdk-core (2.3.21)
      jmespath (~> 1.0)
    aws-sdk-resources (2.3.21)
      aws-sdk-core (= 2.3.21)
    bcrypt (3.1.11)
    concurrent-ruby (1.0.2)
    css_parser (1.4.5)
      addressable
    daemons (1.2.3)
    domain_name (0.5.20160615)
      unf (>= 0.0.5, < 1.0.0)
    dotenv (2.1.1)
    eventmachine (1.2.0.1)
    htmlentities (4.3.4)
    http-cookie (1.0.2)
      domain_name (~> 0.5)
    httparty (0.13.7)
      json (~> 1.8)
      multi_xml (>= 0.5.2)
    jmespath (1.3.0)
    json (1.8.3)
    mail (2.6.4)
      mime-types (>= 1.16, < 4)
    mailgun-ruby (1.1.0)
      json (~> 1.8)
      rest-client (~> 1.6)
    mime-types (2.99.2)
    mime-types-data (3.2016.0521)
    mini_magick (4.5.1)
    mini_portile2 (2.1.0)
    multi_xml (0.5.5)
    netrc (0.11.0)
    nokogiri (1.6.8)
      mini_portile2 (~> 2.1.0)
      pkg-config (~> 1.1.7)
    oga (2.2)
      ast
      ruby-ll (~> 2.1)
    pg (0.18.4)
    pkg-config (1.1.7)
    premailer (1.8.7)
      css_parser (>= 1.4.5)
      htmlentities (>= 4.0.0)
    puma (3.4.0)
    rack (1.6.4)
    rake (11.2.2)
    redis (3.3.0)
    rest-client (1.8.0)
      http-cookie (>= 1.0.2, < 2.0)
      mime-types (>= 1.16, < 3.0)
      netrc (~> 0.7)
    ruby-ll (2.1.2)
      ansi
      ast
    sequel (4.36.0)
    thin (1.7.0)
      daemons (~> 1.0, >= 1.0.9)
      eventmachine (~> 1.0, >= 1.0.4)
      rack (>= 1, < 3)
    thor (0.19.1)
    unf (0.1.4)
      unf_ext
    unf_ext (0.0.7.2)
    websocket (1.2.3)

PLATFORMS
  ruby

DEPENDENCIES
  aws-sdk (~> 2)
  bcrypt
  dotenv
  httparty
  mailgun-ruby
  mini_magick
  nokogiri
  pakyow!
  pg
  puma
  rake
  sequel
  thin

BUNDLED WITH
   1.11.2
